Brain Vision Data Exchange Header File Version 1.0
; Written using pybv 0.0.0

[Common Infos]
Codepage=UTF-8
DataFile=ThreePhasesHeartrateBreating.eeg
MarkerFile=ThreePhasesHeartrateBreating.vmrk
DataFormat=BINARY
; Data orientation: MULTIPLEXED=ch1,pt1, ch2,pt1 ...
DataOrientation=MULTIPLEXED
NumberOfChannels=1
; Sampling interval in microseconds
SamplingInterval=7692.307692307692

[Binary Infos]
BinaryFormat=IEEE_FLOAT_32

[Channel Infos]
; Each entry: Ch<Channel number>=<Name>,<Reference channel name>,
; <Resolution in "Unit">,<Unit>, Future extensions..
; Fields are delimited by commas, some fields might be omitted (empty).
; Commas in channel names are coded as "\1".
Ch1=CH1,,0.1,n/a

[Comment]

